GEM
  remote: https://rubygems.org/
  specs:
    minitest (5.23.1)

PLATFORMS
  ruby

DEPENDENCIES
  minitest (~> 5.14)

RUBY VERSION
   ruby 3.0.5p211

BUNDLED WITH
   2.5.10
