GEM
  remote: https://rubygems.org/
  specs:
    ast (2.4.2)
    minitest (5.23.1)
    parallel (1.25.1)
    parser (3.3.3.0)
      ast (~> 2.4.1)
      racc
    psych (5.1.2)
      stringio
    racc (1.8.0)
    rainbow (3.1.1)
    rake (13.2.1)
    rake-compiler (1.2.7)
      rake
    rdoc (6.7.0)
      psych (>= 4.0.0)
    regexp_parser (2.9.2)
    rexml (3.3.3)
      strscan
    rubocop (0.93.1)
      parallel (~> 1.10)
      parser (>= 2.7.1.5)
      rainbow (>= 2.2.2, < 4.0)
      regexp_parser (>= 1.8)
      rexml
      rubocop-ast (>= 0.6.0)
      ruby-progressbar (~> 1.7)
      unicode-display_width (>= 1.4.0, < 2.0)
    rubocop-ast (1.31.3)
      parser (>= 3.3.1.0)
    rubocop-minitest (0.27.0)
      rubocop (>= 0.90, < 2.0)
    ruby-progressbar (1.13.0)
    stringio (3.1.1)
    strscan (3.1.0)
    unicode-display_width (1.8.0)

PLATFORMS
  ruby

DEPENDENCIES
  minitest (~> 5.14)
  rake (~> 13.0)
  rake-compiler (~> 1.0)
  rdoc (~> 6.2)
  rubocop (~> 0.79)
  rubocop-minitest (~> 0.11)

RUBY VERSION
   ruby 3.2.1p31

BUNDLED WITH
   2.5.10
